GEM
  remote: http://rubygems.org/
  specs:
    puma (3.12.3)
    rack (1.5.2)
    rack-contrib (1.1.0)
      rack (>= 0.9.1)

PLATFORMS
  ruby

DEPENDENCIES
  puma
  rack
  rack-contrib

RUBY VERSION
   ruby 2.3.3p222
